GEM
  remote: https://rubygems.org/
  specs:
    basiccache (1.0.0)
    githubchart (4.0.0)
      githubstats (~> 4.0.1)
      matrix (~> 0.4.2)
      svgplot (~> 1.0.0)
    githubstats (4.0.1)
      basiccache (~> 1.0.0)
      nokogiri (~> 1.15.3)
    matrix (0.4.2)
    mini_portile2 (2.8.4)
    nokogiri (1.15.3)
      mini_portile2 (~> 2.8.2)
      racc (~> 1.4)
    racc (1.7.1)
    svgplot (1.0.0)

PLATFORMS
  ruby

DEPENDENCIES
  githubchart

BUNDLED WITH
   2.1.4
