GEM
  remote: https://rubygems.org/
  specs:
    basiccache (1.0.0)
    githubchart (3.3.1)
      githubstats (~> 3.2.0)
      svgplot (~> 1.0.0)
    githubstats (3.2.0)
      basiccache (~> 1.0.0)
      nokogiri (~> 1.10.8)
    mini_portile2 (2.4.0)
    nokogiri (1.10.10)
      mini_portile2 (~> 2.4.0)
    svgplot (1.0.0)

PLATFORMS
  ruby

DEPENDENCIES
  githubchart

BUNDLED WITH
   2.1.4
