GEM
  remote: https://rubygems.org/
  specs:
    basiccache (1.0.0)
    githubchart (3.4.0)
      githubstats (~> 3.3.0)
      matrix (~> 0.4.2)
      svgplot (~> 1.0.0)
    githubstats (3.3.0)
      basiccache (~> 1.0.0)
      nokogiri (~> 1.13.10)
    matrix (0.4.2)
    mini_portile2 (2.8.1)
    nokogiri (1.13.10)
      mini_portile2 (~> 2.8.0)
      racc (~> 1.4)
    racc (1.6.2)
    svgplot (1.0.0)

PLATFORMS
  ruby

DEPENDENCIES
  githubchart

BUNDLED WITH
   2.1.4
